GEM
  remote: https://rubygems.org/
  specs:
    activesupport (5.2.0)
      concurrent-ruby (~> 1.0, >= 1.0.2)
      i18n (>= 0.7, < 2)
      minitest (~> 5.1)
      tzinfo (~> 1.1)
    backports (3.11.3)
    concurrent-ruby (1.0.5)
    domain_name (0.5.20180417)
      unf (>= 0.0.5, < 1.0.0)
    haml (5.0.4)
      temple (>= 0.8.0)
      tilt
    http-cookie (1.0.3)
      domain_name (~> 0.5)
    i18n (1.0.1)
      concurrent-ruby (~> 1.0)
    mime-types (3.1)
      mime-types-data (~> 3.2015)
    mime-types-data (3.2016.0521)
    minitest (5.11.3)
    multi_json (1.13.1)
    mustermann (1.0.2)
    netrc (0.11.0)
    puma (3.11.4)
    rack (2.0.5)
    rack-protection (2.0.3)
      rack
    rest-client (2.0.2)
      http-cookie (>= 1.0.2, < 2.0)
      mime-types (>= 1.16, < 4.0)
      netrc (~> 0.8)
    sinatra (2.0.3)
      mustermann (~> 1.0)
      rack (~> 2.0)
      rack-protection (= 2.0.3)
      tilt (~> 2.0)
    sinatra-contrib (2.0.3)
      activesupport (>= 4.0.0)
      backports (>= 2.8.2)
      multi_json
      mustermann (~> 1.0)
      rack-protection (= 2.0.3)
      sinatra (= 2.0.3)
      tilt (>= 1.3, < 3)
    temple (0.8.0)
    thread_safe (0.3.6)
    tilt (2.0.8)
    tzinfo (1.2.5)
      thread_safe (~> 0.1)
    unf (0.1.4)
      unf_ext
    unf_ext (0.0.7.5)

PLATFORMS
  ruby

DEPENDENCIES
  haml
  puma
  rest-client
  sinatra
  sinatra-contrib

BUNDLED WITH
   1.16.2
